GEM
  remote: https://rubygems.org/
  specs:
    rouge (1.9.0)

PLATFORMS
  x86-mingw32

DEPENDENCIES
  rouge

BUNDLED WITH
   1.10.3
